PATH
  remote: .
  specs:
    mrd (0.1.0)
      term-ansicolor

GEM
  remote: https://rubygems.org/
  specs:
    rake (10.1.0)
    term-ansicolor (1.6.0)
      tins (~> 1.0)
    tins (1.15.0)

PLATFORMS
  ruby

DEPENDENCIES
  mrd!
  rake
